PATH
  remote: .
  specs:
    Scaffold (0.1.0)
      thor (= 0.20.0)

GEM
  remote: https://rubygems.org/
  specs:
    rake (10.5.0)
    thor (0.20.0)

PLATFORMS
  x64-mingw32

DEPENDENCIES
  Scaffold!
  bundler (~> 1.15)
  rake (~> 10.0)

BUNDLED WITH
   1.15.4
